GEM
  remote: https://rubygems.org/
  specs:
    diff-lcs (1.5.1)
    multi_json (1.15.0)
    numpy (0.4.0)
      pycall (>= 1.2.0.beta1)
    pycall (1.5.2)
    rack (3.1.7)
    rspec (3.7.0)
      rspec-core (~> 3.7.0)
      rspec-expectations (~> 3.7.0)
      rspec-mocks (~> 3.7.0)
    rspec-core (3.7.1)
      rspec-support (~> 3.7.0)
    rspec-expectations (3.7.0)
      diff-lcs (>= 1.2.0, < 2.0)
      rspec-support (~> 3.7.0)
    rspec-mocks (3.7.0)
      diff-lcs (>= 1.2.0, < 2.0)
      rspec-support (~> 3.7.0)
    rspec-support (3.7.1)

PLATFORMS
  ruby
  x86_64-linux

DEPENDENCIES
  multi_json
  numpy
  rack
  rspec (~> 3.7.0)

BUNDLED WITH
   2.5.18
